PATH
  remote: .
  specs:
    grand_id_simple (0.2.0)
      sinatra (~> 2.2)
      typhoeus (~> 1.4)
      webrick (~> 1.8)

GEM
  remote: https://rubygems.org/
  specs:
    activesupport (7.0.4)
      concurrent-ruby (~> 1.0, >= 1.0.2)
      i18n (>= 1.6, < 2)
      minitest (>= 5.1)
      tzinfo (~> 2.0)
    ast (2.4.2)
    concurrent-ruby (1.1.10)
    diff-lcs (1.5.0)
    ethon (0.16.0)
      ffi (>= 1.15.0)
    ffi (1.15.5)
    i18n (1.12.0)
      concurrent-ruby (~> 1.0)
    json (2.6.2)
    minitest (5.16.3)
    mustermann (2.0.2)
      ruby2_keywords (~> 0.0.1)
    oj (3.13.23)
    parallel (1.22.1)
    parser (3.1.3.0)
      ast (~> 2.4.1)
    rack (2.2.7)
    rack-protection (2.2.4)
      rack
    rainbow (3.1.1)
    rake (13.0.6)
    regexp_parser (2.6.1)
    rexml (3.2.5)
    rspec (3.12.0)
      rspec-core (~> 3.12.0)
      rspec-expectations (~> 3.12.0)
      rspec-mocks (~> 3.12.0)
    rspec-core (3.12.0)
      rspec-support (~> 3.12.0)
    rspec-expectations (3.12.0)
      diff-lcs (>= 1.2.0, < 2.0)
      rspec-support (~> 3.12.0)
    rspec-mocks (3.12.0)
      diff-lcs (>= 1.2.0, < 2.0)
      rspec-support (~> 3.12.0)
    rspec-support (3.12.0)
    rubocop (1.39.0)
      json (~> 2.3)
      parallel (~> 1.10)
      parser (>= 3.1.2.1)
      rainbow (>= 2.2.2, < 4.0)
      regexp_parser (>= 1.8, < 3.0)
      rexml (>= 3.2.5, < 4.0)
      rubocop-ast (>= 1.23.0, < 2.0)
      ruby-progressbar (~> 1.7)
      unicode-display_width (>= 1.4.0, < 3.0)
    rubocop-ast (1.23.0)
      parser (>= 3.1.1.0)
    rubocop-performance (1.15.1)
      rubocop (>= 1.7.0, < 2.0)
      rubocop-ast (>= 0.4.0)
    rubocop-rails (2.19.1)
      activesupport (>= 4.2.0)
      rack (>= 1.1)
      rubocop (>= 1.33.0, < 2.0)
    rubocop-rake (0.6.0)
      rubocop (~> 1.0)
    rubocop-rspec (2.15.0)
      rubocop (~> 1.33)
    rubocop-rubycw (0.1.6)
      rubocop (~> 1.0)
    rubocop_fonsan_style (0.1.0)
      rubocop (~> 1.39)
      rubocop-performance (~> 1.15)
      rubocop-rails (~> 2.17)
      rubocop-rake (~> 0.6.0)
      rubocop-rspec (~> 2.15)
      rubocop-rubycw (~> 0.1)
    ruby-progressbar (1.11.0)
    ruby2_keywords (0.0.5)
    sinatra (2.2.4)
      mustermann (~> 2.0)
      rack (~> 2.2)
      rack-protection (= 2.2.4)
      tilt (~> 2.0)
    tilt (2.1.0)
    typhoeus (1.4.0)
      ethon (>= 0.9.0)
    tzinfo (2.0.5)
      concurrent-ruby (~> 1.0)
    unicode-display_width (2.3.0)
    webrick (1.8.1)

PLATFORMS
  arm64-darwin-22
  x86_64-darwin-20
  x86_64-darwin-22
  x86_64-linux

DEPENDENCIES
  grand_id_simple!
  oj
  rake (~> 13.0)
  rspec (~> 3.0)
  rubocop_fonsan_style
  sinatra
  typhoeus
  webrick

BUNDLED WITH
   2.3.26
